GEM
  remote: https://rubygems.org/
  specs:
    parallel (1.18.0)

PLATFORMS
  ruby

DEPENDENCIES
  parallel

BUNDLED WITH
   1.17.2
